GEM
  remote: https://rubygems.org/
  specs:
    ast (2.4.2)
    eim_xml (0.0.4)
    image_size (3.2.0)
    json (2.6.3)
    math_ml (0.14)
      eim_xml
    mecab (0.996)
    nokogiri (1.15.1-arm64-darwin)
      racc (~> 1.4)
    nokogiri (1.15.1-x86_64-linux)
      racc (~> 1.4)
    pandoc2review (1.4.0)
      unicode-eaw
    parallel (1.23.0)
    parser (3.2.2.1)
      ast (~> 2.4.1)
    pastel (0.8.0)
      tty-color (~> 0.5)
    psych (5.1.0)
      stringio
    racc (1.6.2)
    rainbow (3.1.1)
    rake (13.0.6)
    regexp_parser (2.8.0)
    review (5.7.0)
      image_size
      rexml
      rouge
      rubyzip
      tty-logger
    rexml (3.2.5)
    rouge (4.1.1)
    rubocop (1.51.0)
      json (~> 2.3)
      parallel (~> 1.10)
      parser (>= 3.2.0.0)
      rainbow (>= 2.2.2, < 4.0)
      regexp_parser (>= 1.8, < 3.0)
      rexml (>= 3.2.5, < 4.0)
      rubocop-ast (>= 1.28.0, < 2.0)
      ruby-progressbar (~> 1.7)
      unicode-display_width (>= 2.4.0, < 3.0)
    rubocop-ast (1.28.1)
      parser (>= 3.2.1.0)
    ruby-progressbar (1.13.0)
    rubyzip (2.3.2)
    stringio (3.0.6)
    tty-color (0.6.0)
    tty-logger (0.6.0)
      pastel (~> 0.8)
    unicode-display_width (2.4.2)
    unicode-eaw (2.2.0)

PLATFORMS
  arm64-darwin-21
  arm64-darwin-22
  x86_64-linux

DEPENDENCIES
  math_ml
  mecab
  nokogiri
  pandoc2review
  psych
  rake
  review
  rexml
  rubocop
  rubyzip

BUNDLED WITH
   2.4.10
